GEM
  remote: https://rubygems.org/
  specs:
    mini_portile2 (2.8.5)
    sqlite3 (1.6.9)
      mini_portile2 (~> 2.8.0)

PLATFORMS
  x86_64-linux

DEPENDENCIES
  sqlite3 (~> 1.6)

BUNDLED WITH
   2.3.11
